PATH
  remote: .
  specs:
    gumbo-rb (0.0.1)
      ffi (~> 1.9.0)

GEM
  remote: https://rubygems.org/
  specs:
    ffi (1.9.0)

PLATFORMS
  ruby

DEPENDENCIES
  gumbo-rb!
